GEM
  remote: https://rubygems.org/
  specs:
    prettier (0.15.0)

PLATFORMS
  ruby

DEPENDENCIES
  prettier

BUNDLED WITH
   2.0.2
